PATH
  remote: .
  specs:
    sam-aws (1.0.0)
      activesupport (~> 3.1)
      net-http-persistent (~> 2.1)
      nokogiri (~> 1.5.0)

GEM
  remote: http://rubygems.org/
  specs:
    activesupport (3.1.0)
      multi_json (~> 1.0)
    multi_json (1.0.3)
    net-http-persistent (2.1)
    nokogiri (1.5.0)

PLATFORMS
  ruby

DEPENDENCIES
  sam-aws!
